PATH
  remote: .
  specs:
    use_sql_views (0.1.0)

GEM
  remote: https://rubygems.org/
  specs:
    rake (10.4.2)

PLATFORMS
  ruby

DEPENDENCIES
  bundler (~> 1.16)
  rake (~> 10.0)
  use_sql_views!

BUNDLED WITH
   1.16.2
